GEM
  remote: https://rubygems.org/
  specs:
    colorize (0.8.1)
    configatron (4.5.1)
    dad_jokes (0.1.2)
      faraday (~> 0.13.1)
      faraday_middleware (~> 0.12.2)
      json (~> 1.8)
    discordrb (3.4.0)
      discordrb-webhooks (~> 3.3.0)
      ffi (>= 1.9.24)
      opus-ruby
      rest-client (>= 2.0.0)
      websocket-client-simple (>= 0.3.0)
    discordrb-webhooks (3.3.0)
      rest-client (>= 2.1.0.rc1)
    domain_name (0.5.20190701)
      unf (>= 0.0.5, < 1.0.0)
    dotenv (2.7.6)
    event_emitter (0.2.6)
    faraday (0.13.1)
      multipart-post (>= 1.2, < 3)
    faraday_middleware (0.12.2)
      faraday (>= 0.7.4, < 1.0)
    ffi (1.15.5)
    http-accept (1.7.0)
    http-cookie (1.0.4)
      domain_name (~> 0.5)
    json (1.8.6)
    mime-types (3.4.1)
      mime-types-data (~> 3.2015)
    mime-types-data (3.2022.0105)
    multipart-post (2.1.1)
    netrc (0.11.0)
    opus-ruby (1.0.1)
      ffi
    rbnacl (7.1.1)
      ffi
    rbnacl-libsodium (1.0.16)
      rbnacl (>= 3.0.1)
    rest-client (2.1.0)
      http-accept (>= 1.7.0, < 2.0)
      http-cookie (>= 1.0.2, < 2.0)
      mime-types (>= 1.16, < 4.0)
      netrc (~> 0.8)
    unf (0.1.4)
      unf_ext
    unf_ext (0.0.8.1)
    websocket (1.2.9)
    websocket-client-simple (0.5.1)
      event_emitter
      websocket

PLATFORMS
  ruby

DEPENDENCIES
  colorize
  configatron
  dad_jokes
  discordrb
  dotenv
  rbnacl-libsodium (~> 1.0)

BUNDLED WITH
   2.1.4
